GEM
  remote: https://rubygems.org/
  specs:
    concurrent-ruby (1.1.5)
    faker (2.9.0)
      i18n (>= 1.6, < 1.8)
    i18n (1.7.0)
      concurrent-ruby (~> 1.0)
    mini_portile2 (2.4.0)
    nokogiri (1.10.7)
      mini_portile2 (~> 2.4.0)
    table_print (1.5.6)

PLATFORMS
  ruby

DEPENDENCIES
  faker
  nokogiri
  table_print

RUBY VERSION
   ruby 2.6.3p62

BUNDLED WITH
   1.17.2
